GEM
  remote: http://rubygems.org/
  specs:
    activemodel (3.0.3)
      activesupport (= 3.0.3)
      builder (~> 2.1.2)
      i18n (~> 0.4)
    activequeue (0.2.0)
    activerecord (3.0.3)
      activemodel (= 3.0.3)
      activesupport (= 3.0.3)
      arel (~> 2.0.2)
      tzinfo (~> 0.3.23)
    activesupport (3.0.3)
    arel (2.0.6)
    artforge-rtranslate (1.3.4)
      json (>= 1.1.3)
    builder (2.1.2)
    configuration (1.2.0)
    cucumber (0.10.0)
      builder (>= 2.1.2)
      diff-lcs (~> 1.1.2)
      gherkin (~> 2.3.2)
      json (~> 1.4.6)
      term-ansicolor (~> 1.0.5)
    diff-lcs (1.1.2)
    gherkin (2.3.3)
      json (~> 1.4.6)
    i18n (0.5.0)
    json (1.4.6)
    launchy (0.3.7)
      configuration (>= 0.0.5)
      rake (>= 0.8.1)
    mocha (0.9.10)
      rake
    pickler (0.1.5)
      activesupport (>= 2.0.0)
      cucumber (>= 0.8.0)
    rake (0.8.7)
    rspec (2.4.0)
      rspec-core (~> 2.4.0)
      rspec-expectations (~> 2.4.0)
      rspec-mocks (~> 2.4.0)
    rspec-core (2.4.0)
    rspec-expectations (2.4.0)
      diff-lcs (~> 1.1.2)
    rspec-mocks (2.4.0)
    settingslogic (2.0.6)
    shoulda (2.11.3)
    term-ansicolor (1.0.5)
    tzinfo (0.3.23)

PLATFORMS
  ruby

DEPENDENCIES
  activequeue
  activerecord
  activesupport
  artforge-rtranslate (>= 1.3.4)
  cucumber
  launchy
  mocha
  pickler
  rspec
  settingslogic
  shoulda
